GIT
  remote: git://github.com/sinatra/sinatra.git
  revision: 0827bf9eb51562c67aaa5a587cc20e475525a1b5
  specs:
    sinatra (1.4.6)
      rack (~> 1.5, >= 1.5.4, < 1.6)
      rack-protection (~> 1.4)
      tilt (>= 1.3, < 3)

GEM
  remote: https://rubygems.org/
  specs:
    daemons (1.2.3)
    eventmachine (1.0.8)
    rack (1.5.5)
    rack-protection (1.5.3)
      rack
    thin (1.6.3)
      daemons (~> 1.0, >= 1.0.9)
      eventmachine (~> 1.0)
      rack (~> 1.0)
    tilt (2.0.1)

PLATFORMS
  ruby

DEPENDENCIES
  sinatra!
  thin

BUNDLED WITH
   1.10.6
